PATH
  remote: ../crawler_jobs
  specs:
    crawler_jobs (0.1.0)
      activesupport (~> 4.1)
      httpclient (~> 2.8)
      sidekiq (~> 4.1)

GEM
  remote: https://rubygems.org/
  specs:
    activesupport (4.2.7.1)
      i18n (~> 0.7)
      json (~> 1.7, >= 1.7.7)
      minitest (~> 5.1)
      thread_safe (~> 0.3, >= 0.3.4)
      tzinfo (~> 1.1)
    concurrent-ruby (1.0.2)
    connection_pool (2.2.0)
    honeybadger (3.1.0)
    httpclient (2.8.0)
    i18n (0.8.0)
    json (1.8.6)
    logglier (0.5.0)
      multi_json (~> 1)
    mini_portile2 (2.1.0)
    minitest (5.10.1)
    multi_json (1.12.1)
    nokogiri (1.7.1)
      mini_portile2 (~> 2.1.0)
    rack (1.6.5)
    rack-protection (1.5.3)
      rack
    redis (3.3.2)
    sidekiq (4.1.4)
      concurrent-ruby (~> 1.0)
      connection_pool (~> 2.2, >= 2.2.0)
      redis (~> 3.2, >= 3.2.1)
      sinatra (>= 1.4.7)
    sinatra (1.4.7)
      rack (~> 1.5)
      rack-protection (~> 1.4)
      tilt (>= 1.3, < 3)
    statsd-instrument (2.1.2)
    thread_safe (0.3.5)
    tilt (2.0.5)
    tzinfo (1.2.2)
      thread_safe (~> 0.1)

PLATFORMS
  ruby

DEPENDENCIES
  crawler_jobs!
  honeybadger
  logglier
  nokogiri
  statsd-instrument

BUNDLED WITH
   1.14.4
